RESTRICTION: == net461
NUGET
  remote: https://api.nuget.org/v3/index.json
    FSharp.Control.Reactive (4.0)
      FSharp.Core (>= 4.2.3)
      System.Reactive (>= 3.1.1)
    FSharp.Core (4.3.4)
    FsXaml.Wpf (3.1.6)
    MaterialDesignColors (1.1.3)
    MaterialDesignThemes (2.4.0.1044)
      MaterialDesignColors (>= 1.1.2)
    ReactiveProperty (4.2.2)
      System.Reactive (>= 3.1.1)
    ReactiveUI (8.0.0-alpha0117)
      Splat (>= 2.0)
      System.Reactive (>= 3.1.1 < 4.0)
    Splat (4.0)
      System.Drawing.Primitives (>= 4.3)
    System.Drawing.Primitives (4.3)
    System.Reactive (3.1.1)
      System.Reactive.PlatformServices (>= 3.1.1)
      System.Reactive.Windows.Threading (>= 3.1.1)
    System.Reactive.Core (3.1.1)
      System.Reactive.Interfaces (>= 3.1.1)
    System.Reactive.Interfaces (3.1.1)
    System.Reactive.Linq (3.1.1)
      System.Reactive.Core (>= 3.1.1)
    System.Reactive.PlatformServices (3.1.1)
      System.Reactive.Linq (>= 3.1.1)
    System.Reactive.Windows.Threading (3.1.1)
      System.Reactive.Core (>= 3.1.1)
    System.ValueTuple (4.4)

GROUP Build
NUGET
  remote: https://api.nuget.org/v3/index.json
    FAKE (4.64.12)
